GIT
  remote: https://github.com/asciidoctor/asciidoctor-pdf.git
  revision: 8c98748a25fa9310d76f223208c07519df1bd4af
  specs:
    asciidoctor-pdf (3.0.0.alpha.0)
      asciidoctor (~> 2.0)
      concurrent-ruby (~> 1.1)
      matrix (~> 0.4)
      prawn (~> 2.4.0)
      prawn-icon (~> 3.1.0)
      prawn-svg (~> 0.32.0)
      prawn-table (~> 0.2.0)
      prawn-templates (~> 0.1.0)
      treetop (~> 1.6.0)

GEM
  remote: https://rubygems.org/
  specs:
    Ascii85 (1.1.0)
    addressable (2.8.1)
      public_suffix (>= 2.0.2, < 6.0)
    afm (0.2.2)
    asciidoctor (2.0.16)
    asciidoctor-epub3 (1.5.1)
      asciidoctor (>= 1.5.6, < 3.0.0)
      gepub (~> 1.0.0)
      mime-types (~> 3.0)
    awesome_print (1.9.2)
    coderay (1.1.3)
    concurrent-ruby (1.2.0)
    css_parser (1.14.0)
      addressable
    epubcheck (3.0.1)
    gepub (1.0.13)
      nokogiri (>= 1.8.2, < 1.12)
      rubyzip (> 1.1.1, < 2.4)
    hashery (2.1.2)
    json (2.5.1)
    matrix (0.4.2)
    mime-types (3.3.1)
      mime-types-data (~> 3.2015)
    mime-types-data (3.2021.0225)
    mini_portile2 (2.5.1)
    nokogiri (1.11.4)
      mini_portile2 (~> 2.5.0)
      racc (~> 1.4)
    pdf-core (0.9.0)
    pdf-reader (2.11.0)
      Ascii85 (~> 1.0)
      afm (~> 0.2.1)
      hashery (~> 2.0)
      ruby-rc4
      ttfunk
    polyglot (0.3.5)
    prawn (2.4.0)
      pdf-core (~> 0.9.0)
      ttfunk (~> 1.7)
    prawn-icon (3.1.0)
      prawn (>= 1.1.0, < 3.0.0)
    prawn-svg (0.32.0)
      css_parser (~> 1.6)
      prawn (>= 0.11.1, < 3)
      rexml (~> 3.2)
    prawn-table (0.2.2)
      prawn (>= 1.3.0, < 3.0.0)
    prawn-templates (0.1.2)
      pdf-reader (~> 2.0)
      prawn (~> 2.2)
    public_suffix (5.0.1)
    pygments.rb (2.2.0)
    racc (1.5.2)
    rake (13.0.6)
    rexml (3.2.5)
    ruby-rc4 (0.1.5)
    rubyzip (2.3.0)
    thread_safe (0.3.6)
    treetop (1.6.12)
      polyglot (~> 0.3)
    ttfunk (1.7.0)

PLATFORMS
  ruby

DEPENDENCIES
  asciidoctor
  asciidoctor-epub3
  asciidoctor-pdf!
  awesome_print
  coderay
  epubcheck
  json
  pygments.rb
  rake
  thread_safe

BUNDLED WITH
   2.1.4
